NUGET
  remote: https://www.nuget.org/api/v2
  specs:
    FAKE (4.43.0)
    FSharp.Compiler.Service (2.0.0.6)
    FSharp.Core (4.0.0.1)
    FSharp.Formatting (2.14.4)
      FSharp.Compiler.Service (2.0.0.6)
      FSharpVSPowerTools.Core (>= 2.3.0 < 2.4.0)
    FSharpLint.Fake (0.4.9)
    FSharpVSPowerTools.Core (2.3.0)
      FSharp.Compiler.Service (>= 2.0.0.3)
    FsUnit (2.3.2)
      FSharp.Core (>= 3.1.2.5)
      NUnit (3.5.0)
    NUnit (3.5.0)
    NUnit.Console (3.5.0)
      NUnit.ConsoleRunner (>= 3.5.0)
      NUnit.Extension.NUnitProjectLoader (>= 3.5.0)
      NUnit.Extension.NUnitV2Driver (>= 3.5.0)
      NUnit.Extension.NUnitV2ResultWriter (>= 3.5.0)
      NUnit.Extension.TeamCityEventListener (>= 1.0.2)
      NUnit.Extension.VSProjectLoader (>= 3.5.0)
    NUnit.ConsoleRunner (3.5.0)
    NUnit.Extension.NUnitProjectLoader (3.5.0)
    NUnit.Extension.NUnitV2Driver (3.5.0)
    NUnit.Extension.NUnitV2ResultWriter (3.5.0)
    NUnit.Extension.TeamCityEventListener (1.0.2)
    NUnit.Extension.VSProjectLoader (3.5.0)
